GEM
  remote: https://rubygems.org/
  specs:
    bsearch (1.5.0)
    ffi (1.0.11)
    htmlentities (4.3.1)
    json (1.6.5)
    nokogiri (1.5.2)
    rake (10.5.0)
    rufus-tokyo (1.0.7)

PLATFORMS
  ruby

DEPENDENCIES
  bsearch
  ffi
  htmlentities
  json
  nokogiri
  rake (>= 0.8.3)
  rufus-tokyo

BUNDLED WITH
   1.11.2
